GEM
  remote: https://rubygems.org/
  specs:
    faraday (0.8.7)
      multipart-post (~> 1.1)
    github_api (0.8.2)
      faraday (~> 0.8.1)
      hashie (~> 1.2.0)
      multi_json (~> 1.4)
      nokogiri (~> 1.5.2)
      oauth2
    hashie (1.2.0)
    motion-bundler (0.2.1)
      thor
    multi_json (1.7.7)
    multipart-post (1.2.0)
    nokogiri (1.5.5)
    oauth2 (0.5.2)
      faraday (~> 0.7)
      multi_json (~> 1.0)
    thor (0.18.1)

PLATFORMS
  ruby

DEPENDENCIES
  github_api
  motion-bundler
