GIT
  remote: git@github.com:clayallsopp/afmotion.git
  revision: 644b4e2fb7e8a23a548818154d29f33a99bebd18
  specs:
    afmotion (0.9.0)
      motion-cocoapods (~> 1.3.6)

GIT
  remote: git@github.com:rubymotion/BubbleWrap.git
  revision: 72b6f444b35c961f2a9e1784fdbee079461694fa
  specs:
    bubble-wrap (1.3.0)

GIT
  remote: git@github.com:trivektor/fontawesome.git
  revision: aff16b39d07a73099718cfd894fa91a8b6aafe46
  specs:
    motion-fontawesome (0.0.2)
      rake

GEM
  remote: https://rubygems.org/
  specs:
    activesupport (3.2.14)
      i18n (~> 0.6, >= 0.6.4)
      multi_json (~> 1.0)
    claide (0.3.2)
    cocoapods (0.23.0)
      activesupport (~> 3.2.13)
      claide (~> 0.3.2)
      cocoapods-core (= 0.23.0)
      cocoapods-downloader (~> 0.1.2)
      colored (~> 1.2)
      escape (~> 0.0.4)
      json (~> 1.8.0)
      open4 (~> 1.3.0)
      xcodeproj (~> 0.9.0)
    cocoapods-core (0.23.0)
      activesupport (~> 3.2.13)
      json (~> 1.8.0)
      nap (~> 0.5.1)
    cocoapods-downloader (0.1.2)
    colored (1.2)
    escape (0.0.4)
    formotion (1.4.0)
      bubble-wrap (~> 1.3.0)
      motion-require (~> 0.0.3)
    i18n (0.6.5)
    json (1.8.0)
    motion-cocoapods (1.3.6)
      cocoapods (>= 0.17.0)
    motion-i18n (0.0.2)
      i18n
      motion-require
    motion-require (0.0.7)
    multi_json (1.7.9)
    nap (0.5.1)
    open4 (1.3.0)
    rake (10.1.0)
    sugarcube (1.1.0)
    teacup (2.1.9)
    xcodeproj (0.9.0)
      activesupport (~> 3.2.13)
      colored (~> 1.2)

PLATFORMS
  ruby

DEPENDENCIES
  afmotion!
  bubble-wrap!
  formotion
  motion-cocoapods
  motion-fontawesome!
  motion-i18n
  rake
  sugarcube
  teacup
