GIT
  remote: git@github.com:clayallsopp/afmotion.git
  revision: 644b4e2fb7e8a23a548818154d29f33a99bebd18
  specs:
    afmotion (0.9.0)
      motion-cocoapods (~> 1.3.6)

GIT
  remote: git@github.com:rubymotion/BubbleWrap.git
  revision: 7b6034293d948887ca5bc9c0073d7af9d68caa43
  specs:
    bubble-wrap (1.3.0)

GIT
  remote: git@github.com:trivektor/fontawesome.git
  revision: aff16b39d07a73099718cfd894fa91a8b6aafe46
  specs:
    motion-fontawesome (0.0.2)
      rake

GEM
  remote: https://rubygems.org/
  specs:
    activesupport (3.2.14)
      i18n (~> 0.6, >= 0.6.4)
      multi_json (~> 1.0)
    claide (0.3.2)
    cocoapods (0.25.0)
      activesupport (~> 3.0)
      claide (~> 0.3.2)
      cocoapods-core (= 0.25.0)
      cocoapods-downloader (~> 0.2.0)
      colored (~> 1.2)
      escape (~> 0.0.4)
      json (~> 1.8)
      open4 (~> 1.3)
      xcodeproj (~> 0.11.0)
    cocoapods-core (0.25.0)
      activesupport (~> 3.0)
      json (~> 1.8)
      nap (~> 0.5)
    cocoapods-downloader (0.2.0)
    colored (1.2)
    escape (0.0.4)
    formotion (1.5.1)
      bubble-wrap (~> 1.3.0)
      motion-require (~> 0.0.3)
    i18n (0.6.5)
    json (1.8.0)
    motion-cocoapods (1.3.7)
      cocoapods (>= 0.17.0)
    motion-i18n (0.0.2)
      i18n
      motion-require
    motion-require (0.0.7)
    multi_json (1.8.0)
    nap (0.5.1)
    open4 (1.3.0)
    rake (10.1.0)
    sugarcube (1.1.0)
    teacup (2.1.10)
    xcodeproj (0.11.1)
      activesupport (~> 3.0)
      colored (~> 1.2)

PLATFORMS
  ruby

DEPENDENCIES
  afmotion!
  bubble-wrap!
  formotion
  motion-cocoapods
  motion-fontawesome!
  motion-i18n
  rake
  sugarcube
  teacup
